GEM
  remote: https://rubygems.org/
  specs:
    json (1.8.6)
    puma (3.10.0)
    rack (1.6.8)
    rack-protection (1.5.3)
      rack
    sequel (5.0.0)
    sinatra (1.4.8)
      rack (~> 1.5)
      rack-protection (~> 1.4)
      tilt (>= 1.3, < 3)
    slim (3.0.8)
      temple (>= 0.7.6, < 0.9)
      tilt (>= 1.3.3, < 2.1)
    temple (0.8.0)
    tilt (2.0.8)

PLATFORMS
  ruby

DEPENDENCIES
  json (~> 1.8.3)
  puma (~> 3.10)
  sequel (~> 5.0)
  sinatra (~> 1.4.6)
  slim (~> 3.0)

RUBY VERSION
   ruby 2.4.1p111

BUNDLED WITH
   1.16.0.pre.2
